GEM
  remote: http://gemcutter.org/
  specs:
    activesupport (3.0.0)
    diff-lcs (1.1.2)
    relevance-rcov (0.9.2.1)
    rspec (2.0.0.beta.22)
      rspec-core (= 2.0.0.beta.22)
      rspec-expectations (= 2.0.0.beta.22)
      rspec-mocks (= 2.0.0.beta.22)
    rspec-core (2.0.0.beta.22)
    rspec-expectations (2.0.0.beta.22)
      diff-lcs (>= 1.1.2)
    rspec-mocks (2.0.0.beta.22)
      rspec-core (= 2.0.0.beta.22)
      rspec-expectations (= 2.0.0.beta.22)

PLATFORMS
  ruby

DEPENDENCIES
  activesupport (~> 3.0.0)
  bundler (~> 1.0.0)
  relevance-rcov
  rspec (~> 2.0.0.beta.20)
